PATH
  remote: .
  specs:
    powerpoint (1.8)
      fastimage (~> 1)
      rubyzip (~> 1)

GEM
  remote: https://rubygems.org/
  specs:
    addressable (2.3.8)
    coderay (1.1.3)
    diff-lcs (1.4.4)
    fastimage (1.9.0)
      addressable (~> 2.3.5)
    method_source (1.0.0)
    pry (0.13.1)
      coderay (~> 1.1)
      method_source (~> 1.0)
    rake (13.0.1)
    rspec (3.9.0)
      rspec-core (~> 3.9.0)
      rspec-expectations (~> 3.9.0)
      rspec-mocks (~> 3.9.0)
    rspec-core (3.9.2)
      rspec-support (~> 3.9.3)
    rspec-expectations (3.9.2)
      diff-lcs (>= 1.2.0, < 2.0)
      rspec-support (~> 3.9.0)
    rspec-mocks (3.9.1)
      diff-lcs (>= 1.2.0, < 2.0)
      rspec-support (~> 3.9.0)
    rspec-support (3.9.3)
    rubyzip (1.3.0)

PLATFORMS
  ruby

DEPENDENCIES
  bundler
  powerpoint!
  pry
  rake
  rspec

BUNDLED WITH
   2.1.4
